STORAGE: NONE
STRATEGY: MIN
RESTRICTION: == netstandard2.0
NUGET
  remote: https://api.nuget.org/v3/index.json
    FSharp.Core (6.0)
    System.Reflection.Emit.ILGeneration (4.7)
    System.Reflection.Emit.Lightweight (4.7)
      System.Reflection.Emit.ILGeneration (>= 4.7)
  remote: https://nuget.pkg.github.com/dotnet-websharper/index.json
    WebSharper (7.0.1.337-beta2)
      FSharp.Core (>= 6.0)
      System.Reflection.Emit.Lightweight (>= 4.7)
    WebSharper.FSharp (7.0.1.337-beta2)
      WebSharper (7.0.1.337-beta2)
    WebSharper.WebRTC (7.0.0.339-beta2)
      WebSharper (>= 7.0.1 < 7.1)

GROUP wsbuild

GIT
  remote: https://github.com/dotnet-websharper/build-script
     (1d2e8ce1ca419e3c90a439f0dcf508e650734ba8)